GEM
  remote: https://rubygems.org/
  specs:
    clir (0.24.2)
      json
      tty-prompt
    json (2.7.2)
    pastel (0.8.0)
      tty-color (~> 0.5)
    tty-color (0.6.0)
    tty-cursor (0.7.1)
    tty-prompt (0.23.1)
      pastel (~> 0.8)
      tty-reader (~> 0.8)
    tty-reader (0.9.0)
      tty-cursor (~> 0.7)
      tty-screen (~> 0.8)
      wisper (~> 2.0)
    tty-screen (0.8.2)
    wisper (2.0.1)

PLATFORMS
  ruby

DEPENDENCIES
  clir

RUBY VERSION
   ruby 2.7.3p183

BUNDLED WITH
   2.1.4
