GEM
  remote: https://rubygems.org/
  specs:
    clir (0.24.2)
      json
      tty-prompt
    json (2.7.2)
    pastel (0.8.0)
      tty-color (~> 0.5)
    precedences (1.7.1)
      clir (>= 0.16)
    rexml (3.4.1)
    rubyzip (2.4.1)
    selenium-webdriver (4.9.0)
      rexml (~> 3.2, >= 3.2.5)
      rubyzip (>= 1.2.2, < 3.0)
      websocket (~> 1.0)
    terminal-notifier (2.0.0)
    tty-color (0.6.0)
    tty-cursor (0.7.1)
    tty-prompt (0.23.1)
      pastel (~> 0.8)
      tty-reader (~> 0.8)
    tty-reader (0.9.0)
      tty-cursor (~> 0.7)
      tty-screen (~> 0.8)
      wisper (~> 2.0)
    tty-screen (0.8.2)
    websocket (1.2.11)
    wisper (2.0.1)
    yaml (0.3.0)

PLATFORMS
  ruby

DEPENDENCIES
  clir (= 0.24.2)
  precedences (= 1.7.1)
  selenium-webdriver (= 4.9.0)
  terminal-notifier (= 2.0.0)
  yaml (= 0.3.0)

RUBY VERSION
   ruby 2.7.3p183

BUNDLED WITH
   2.1.4
